GEM
  remote: https://rubygems.org/
  specs:
    json (2.1.0)
    mini_portile2 (2.3.0)
    nokogiri (1.8.5)
      mini_portile2 (~> 2.3.0)
    pp (0.1.1)

PLATFORMS
  ruby

DEPENDENCIES
  bundler
  json
  nokogiri
  pp

BUNDLED WITH
   1.16.6
